GIT
  remote: https://github.com/doubtfire-overseer/bunny-pub-sub
  revision: 5e4f1acc99f0b1fd9a5fe3cbce6c8c55d94f7f1b
  specs:
    bunny-pub-sub (0.0.9)
      bunny (~> 2.14)

GEM
  remote: http://rubygems.org/
  specs:
    amq-protocol (2.3.2)
    bunny (2.18.0)
      amq-protocol (~> 2.3, >= 2.3.1)
      sorted_set (~> 1, >= 1.0.2)
    dotenv (2.7.6)
    ffi (1.15.3)
    listen (3.5.1)
      rb-fsevent (~> 0.10, >= 0.10.3)
      rb-inotify (~> 0.9, >= 0.9.10)
    rb-fsevent (0.11.0)
    rb-inotify (0.10.1)
      ffi (~> 1.0)
    rbtree (0.4.4)
    rerun (0.13.1)
      listen (~> 3.0)
    rubyzip (2.3.0)
    rufo (0.13.0)
    set (1.0.1)
    sorted_set (1.0.3)
      rbtree
      set (~> 1.0)

PLATFORMS
  ruby

DEPENDENCIES
  bunny (>= 2.14.1)
  bunny-pub-sub (= 0.0.9)!
  dotenv
  rerun
  rubyzip
  rufo

RUBY VERSION
   ruby 2.7.4-r0

BUNDLED WITH
   2.2.16
